PATH
  remote: .
  specs:
    cardiff (0.0.1)

GEM
  remote: https://rubygems.org/
  specs:
    rake (10.1.1)
    rake-compiler (0.9.2)
      rake

PLATFORMS
  ruby

DEPENDENCIES
  cardiff!
  rake-compiler
